GEM
  remote: https://rubygems.org/
  specs:
    coderay (1.1.0)
    dotenv (2.0.2)
    kgio (2.9.3)
    method_source (0.8.2)
    minitest (5.5.1)
    pg (0.18.2)
    pry (0.10.1)
      coderay (~> 1.1.0)
      method_source (~> 0.8.1)
      slop (~> 3.4)
    rack (1.6.4)
    rack-protection (1.5.3)
      rack
    rack-test (0.6.3)
      rack (>= 1.0)
    raindrops (0.15.0)
    rake (10.4.2)
    sequel (4.22.0)
    shack (0.0.4)
    sinatra (1.4.6)
      rack (~> 1.4)
      rack-protection (~> 1.4)
      tilt (>= 1.3, < 3)
    slop (3.6.0)
    sqlite3 (1.3.10)
    tilt (2.0.1)
    unicorn (4.9.0)
      kgio (~> 2.6)
      rack
      raindrops (~> 0.7)

PLATFORMS
  ruby

DEPENDENCIES
  dotenv (~> 2.0.1)
  minitest (~> 5.5.0)
  pg (~> 0.18.1)
  pry (~> 0.9)
  rack-test (~> 0.6.2)
  rake (~> 10.4.2)
  sequel (~> 4.22.0)
  shack (~> 0.0.4)
  sinatra (~> 1.4.6)
  sqlite3 (~> 1.3.10)
  unicorn (~> 4.9.0)

BUNDLED WITH
   1.10.6
